GEM
  remote: https://rubygems.org/
  specs:
    rake (10.5.0)
    review (1.7.2)

PLATFORMS
  ruby

DEPENDENCIES
  rake
  review

BUNDLED WITH
   1.11.2
